GEM
  remote: https://rubygems.org/
  specs:
    sqlite3 (1.4.1)

PLATFORMS
  ruby

DEPENDENCIES
  sqlite3 (~> 1.4)

BUNDLED WITH
   1.16.3
